GEM
  remote: https://rubygems.org/
  specs:
    salsa20 (0.1.2)

PLATFORMS
  ruby

DEPENDENCIES
  salsa20

RUBY VERSION
   ruby 2.3.1p112

BUNDLED WITH
   1.12.5
